PATH
  remote: .
  specs:
    minitest-rg (5.0.0.20131113213436)
      minitest (~> 5.0)

GEM
  remote: https://rubygems.org/
  specs:
    hoe (3.8.1)
      rake (>= 0.8, < 11.0)
    json (1.8.1)
    minitest (5.2.2)
    rake (10.1.1)
    rdoc (4.1.1)
      json (~> 1.4)

PLATFORMS
  ruby

DEPENDENCIES
  hoe (~> 3.7)
  minitest-rg!
  rake
  rdoc (~> 4.0)
